GEM
  remote: https://rubygems.org/
  specs:
    httparty (0.21.0)
      mini_mime (>= 1.0.0)
      multi_xml (>= 0.5.2)
    mini_mime (1.1.2)
    multi_xml (0.6.0)
    ruby-openai (3.0.3)
      httparty (>= 0.18.1, < 0.22.0)

PLATFORMS
  x86_64-darwin-19

DEPENDENCIES
  ruby-openai

BUNDLED WITH
   2.2.14
